GEM
  remote: http://rubygems.org/
  specs:
    testdata_generater_for_mysql (0.0.1)

PLATFORMS
  ruby

DEPENDENCIES
  testdata_generater_for_mysql (= 0.0.1)
